GEM
  specs:
    rainbow (1.1.3)

PLATFORMS
  ruby

DEPENDENCIES
  rainbow
